GEM
  remote: http://rubygems.org/
  specs:
    mini_magick (3.5.0)
      subexec (~> 0.2.1)
    rack (1.5.2)
    rack-protection (1.3.2)
      rack
    sinatra (1.3.5)
      rack (~> 1.4)
      rack-protection (~> 1.3)
      tilt (~> 1.3, >= 1.3.3)
    subexec (0.2.2)
    tilt (1.3.4)

PLATFORMS
  ruby

DEPENDENCIES
  mini_magick
  sinatra
